GEM
  remote: https://rubygems.org/
  specs:
    google-protobuf (3.5.1.2-universal-darwin)

PLATFORMS
  ruby

DEPENDENCIES
  google-protobuf (~> 3.5.1)

BUNDLED WITH
   1.16.2
