GEM
  remote: https://rubygems.org/
  specs:
    google-protobuf (3.19.2)

PLATFORMS
  ruby

DEPENDENCIES
  google-protobuf (~> 3.19.2)

BUNDLED WITH
   1.16.2
